PATH
  remote: .
  specs:
    elastic_tabstops (0.1.4)

GEM
  remote: https://rubygems.org/
  specs:
    byebug (11.1.3)
    coderay (1.1.3)
    ffaker (2.23.0)
    method_source (0.9.2)
    minitest (5.20.0)
    minitest-rg (5.3.0)
      minitest (~> 5.0)
    pry (0.12.2)
      coderay (~> 1.1.0)
      method_source (~> 0.9.0)
    pry-byebug (3.8.0)
      byebug (~> 11.0)
      pry (~> 0.10)
    rake (12.3.3)

PLATFORMS
  x86_64-darwin-21

DEPENDENCIES
  bundler (~> 2.0)
  elastic_tabstops!
  ffaker (~> 2.11, >= 2.11.0)
  minitest (~> 5.0)
  minitest-rg (~> 5.0)
  pry (~> 0.12.2)
  pry-byebug (~> 3.7, >= 3.7.0)
  rake (~> 12.3.3)

BUNDLED WITH
   2.4.6
